GEM
  remote: https://rubygems.org/
  specs:
    mustermann (1.1.1)
      ruby2_keywords (~> 0.0.1)
    nio4r (2.5.8)
    puma (5.6.0)
      nio4r (~> 2.0)
    pycall (1.4.1)
    rack (2.2.3)
    rack-protection (2.1.0)
      rack
    ruby2_keywords (0.0.5)
    sinatra (2.1.0)
      mustermann (~> 1.0)
      rack (~> 2.2)
      rack-protection (= 2.1.0)
      tilt (~> 2.0)
    spring (4.0.0)
    tilt (2.0.10)

PLATFORMS
  x64-mingw32

DEPENDENCIES
  puma (~> 5.6)
  pycall (~> 1.4)
  sinatra (~> 2.1)
  spring (~> 4.0)

BUNDLED WITH
   2.2.32
